GEM
  remote: http://rubygems.org/
  specs:
    curb (0.7.15)
    nokogiri (1.4.4)

PLATFORMS
  ruby

DEPENDENCIES
  curb
  nokogiri
